GEM
  remote: https://rubygems.org/
  specs:
    ast (2.1.0)
    astrolabe (1.3.1)
      parser (~> 2.2)
    awesome_print (1.6.1)
    coderay (1.1.0)
    lolcat (42.1.0)
      paint (~> 0.8.3)
      trollop (~> 1.16.2)
    method_source (0.8.2)
    paint (0.8.7)
    parser (2.2.2.6)
      ast (>= 1.1, < 3.0)
    powerpack (0.1.1)
    pry (0.10.1)
      coderay (~> 1.1.0)
      method_source (~> 0.8.1)
      slop (~> 3.4)
    rainbow (2.0.0)
    rubocop (0.33.0)
      astrolabe (~> 1.3)
      parser (>= 2.2.2.5, < 3.0)
      powerpack (~> 0.1)
      rainbow (>= 1.99.1, < 3.0)
      ruby-progressbar (~> 1.4)
    ruby-progressbar (1.7.5)
    slop (3.6.0)
    trollop (1.16.2)
    yodaism (0.0.6)

PLATFORMS
  ruby

DEPENDENCIES
  awesome_print
  bundler
  lolcat
  pry
  rubocop
  yodaism

BUNDLED WITH
   1.10.6
