GEM
  remote: https://rubygems.org/
  specs:
    ast (2.3.0)
    awesome_print (1.8.0)
    coderay (1.1.2)
    lolcat (90.8.8)
      paint (~> 2.0.0)
      trollop (~> 2.1.2)
    method_source (0.9.0)
    paint (2.0.1)
    parallel (1.12.0)
    parser (2.4.0.2)
      ast (~> 2.3)
    powerpack (0.1.1)
    pry (0.11.3)
      coderay (~> 1.1.0)
      method_source (~> 0.9.0)
    rainbow (2.2.2)
      rake
    rake (13.0.1)
    rubocop (0.51.0)
      parallel (~> 1.10)
      parser (>= 2.3.3.1, < 3.0)
      powerpack (~> 0.1)
      rainbow (>= 2.2.2, < 3.0)
      ruby-progressbar (~> 1.7)
      unicode-display_width (~> 1.0, >= 1.0.1)
    ruby-progressbar (1.9.0)
    trollop (2.1.2)
    unicode-display_width (1.3.0)
    yodaism (0.0.6)

PLATFORMS
  ruby

DEPENDENCIES
  awesome_print
  bundler
  lolcat
  pry
  rubocop
  yodaism

BUNDLED WITH
   1.16.0
